PATH
  remote: .
  specs:
    omniauth-realme (0.2.3)
      omniauth (~> 2.0.4)
      ruby-saml (~> 1.13.0)
      uuid (~> 2.3.9)

GEM
  remote: https://rubygems.org/
  specs:
    ast (2.4.0)
    diff-lcs (1.4.4)
    hashie (4.1.0)
    jaro_winkler (1.5.4)
    macaddr (1.7.2)
      systemu (~> 2.6.5)
    mini_portile2 (2.6.1)
    nokogiri (1.12.5)
      mini_portile2 (~> 2.6.1)
      racc (~> 1.4)
    omniauth (2.0.4)
      hashie (>= 3.4.6)
      rack (>= 1.6.2, < 3)
      rack-protection
    parallel (1.19.1)
    parser (2.7.0.2)
      ast (~> 2.4.0)
    racc (1.5.2)
    rack (2.2.3)
    rack-protection (2.1.0)
      rack
    rack-test (1.1.0)
      rack (>= 1.0, < 3)
    rainbow (3.0.0)
    rake (13.0.6)
    rexml (3.2.5)
    rspec (3.10.0)
      rspec-core (~> 3.10.0)
      rspec-expectations (~> 3.10.0)
      rspec-mocks (~> 3.10.0)
    rspec-core (3.10.1)
      rspec-support (~> 3.10.0)
    rspec-expectations (3.10.1)
      diff-lcs (>= 1.2.0, < 2.0)
      rspec-support (~> 3.10.0)
    rspec-mocks (3.10.2)
      diff-lcs (>= 1.2.0, < 2.0)
      rspec-support (~> 3.10.0)
    rspec-support (3.10.2)
    rubocop (0.80.0)
      jaro_winkler (~> 1.5.1)
      parallel (~> 1.10)
      parser (>= 2.7.0.1)
      rainbow (>= 2.2.2, < 4.0)
      rexml
      ruby-progressbar (~> 1.7)
      unicode-display_width (>= 1.4.0, < 1.7)
    rubocop-rspec (1.38.1)
      rubocop (>= 0.68.1)
    ruby-progressbar (1.10.1)
    ruby-saml (1.13.0)
      nokogiri (>= 1.10.5)
      rexml
    systemu (2.6.5)
    unicode-display_width (1.6.1)
    uuid (2.3.9)
      macaddr (~> 1.0)

PLATFORMS
  ruby

DEPENDENCIES
  bundler
  nokogiri (>= 1.12.5)
  omniauth-realme!
  rack-test
  rake (~> 13.0.6)
  rspec (~> 3.10.0)
  rubocop
  rubocop-rspec

BUNDLED WITH
   2.1.4
